GEM
  remote: https://rubygems.org/
  specs:
    em-proxy (0.1.8)
      eventmachine
    eventmachine (1.0.3)
    http_parser.rb (0.6.0)
    ltsv-logger (0.0.2)
    macaddr (1.7.1)
      systemu (~> 2.6.2)
    memcached (1.7.2)
    oj (2.7.3)
    systemu (2.6.4)
    uuid (2.3.7)
      macaddr (~> 1.0)

PLATFORMS
  ruby

DEPENDENCIES
  em-proxy (~> 0.1.8)
  http_parser.rb (~> 0.6.0)
  ltsv-logger (~> 0.0.2)
  memcached (~> 1.7.2)
  oj (~> 2.7.3)
  uuid (~> 2.3.7)
