GEM
  remote: https://rubygems.org/
  specs:
    addressable (2.3.6)
    crack (0.4.2)
      safe_yaml (~> 1.0.0)
    diff-lcs (1.2.5)
    em-proxy (0.1.8)
      eventmachine
    eventmachine (1.0.3)
    http_parser.rb (0.6.0)
    ltsv-logger (0.0.2)
    macaddr (1.7.1)
      systemu (~> 2.6.2)
    memcached (1.7.2)
    oj (2.7.3)
    rake (10.1.0)
    rspec (2.14.1)
      rspec-core (~> 2.14.0)
      rspec-expectations (~> 2.14.0)
      rspec-mocks (~> 2.14.0)
    rspec-core (2.14.8)
    rspec-expectations (2.14.5)
      diff-lcs (>= 1.1.3, < 2.0)
    rspec-mocks (2.14.6)
    safe_yaml (1.0.3)
    systemu (2.6.4)
    uuid (2.3.7)
      macaddr (~> 1.0)
    webmock (1.17.4)
      addressable (>= 2.2.7)
      crack (>= 0.3.2)

PLATFORMS
  ruby

DEPENDENCIES
  em-proxy (~> 0.1.8)
  http_parser.rb (~> 0.6.0)
  ltsv-logger (~> 0.0.2)
  memcached (~> 1.7.2)
  oj (~> 2.7.3)
  rake
  rspec
  uuid (~> 2.3.7)
  webmock
